GIT
  remote: git@github.com:tmuxinator/tmuxinator.git
  revision: f183be475f4e5f287ec43501a1fd1d315e88dccb
  specs:
    tmuxinator (0.6.6)
      activesupport
      erubis
      thor (>= 0.18.0)

GEM
  remote: https://rubygems.org/
  specs:
    activesupport (4.0.3)
      i18n (~> 0.6, >= 0.6.4)
      minitest (~> 4.2)
      multi_json (~> 1.3)
      thread_safe (~> 0.1)
      tzinfo (~> 0.3.37)
    atomic (1.1.14)
    dotenv (0.10.0)
    erubis (2.7.0)
    foreman (0.63.0)
      dotenv (>= 0.7)
      thor (>= 0.13.6)
    i18n (0.6.9)
    minitest (4.7.5)
    multi_json (1.8.4)
    thor (0.18.1)
    thread_safe (0.1.3)
      atomic
    tzinfo (0.3.38)

PLATFORMS
  ruby

DEPENDENCIES
  foreman (= 0.63.0)
  tmuxinator!
